PATH
  remote: .
  specs:
    cloudapp (2.2.0)
      clipboard
      leadlight
      mime-types
      netrc
      typhoeus

GEM
  remote: http://rubygems.org/
  specs:
    addressable (2.2.8)
    clipboard (1.0.6)
    diff-lcs (1.2.5)
    ethon (0.7.3)
      ffi (>= 1.3.0)
    fail-fast (1.0.0)
    faraday (0.8.1)
      multipart-post (~> 1.1)
    fattr (2.2.2)
    ffi (1.9.8)
    hookr (1.1.1)
      fail-fast (= 1.0.0)
    hpricot (0.8.6)
    leadlight (0.1.0)
      addressable (~> 2.2.0)
      faraday (= 0.8.1)
      fattr
      hookr
      link_header
      mime-types
      multi_json (~> 1.0.4)
    link_header (0.0.8)
    mime-types (2.6.1)
    multi_json (1.0.4)
    multipart-post (1.2.0)
    mustache (1.0.1)
    netrc (0.10.3)
    rake (10.4.2)
    rdiscount (2.1.8)
    ronn (0.7.3)
      hpricot (>= 0.8.2)
      mustache (>= 0.7.0)
      rdiscount (>= 1.5.8)
    rspec (3.3.0)
      rspec-core (~> 3.3.0)
      rspec-expectations (~> 3.3.0)
      rspec-mocks (~> 3.3.0)
    rspec-core (3.3.0)
      rspec-support (~> 3.3.0)
    rspec-expectations (3.3.0)
      diff-lcs (>= 1.2.0, < 2.0)
      rspec-support (~> 3.3.0)
    rspec-mocks (3.3.0)
      diff-lcs (>= 1.2.0, < 2.0)
      rspec-support (~> 3.3.0)
    rspec-support (3.3.0)
    typhoeus (0.7.1)
      ethon (>= 0.7.1)

PLATFORMS
  ruby

DEPENDENCIES
  cloudapp!
  rake
  ronn
  rspec

BUNDLED WITH
   1.10.4
